GEM
  remote: http://rubygems.org/
  specs:
    bson (1.7.0)
    bson_ext (1.7.0)
      bson (~> 1.7.0)
    dalli (2.2.1)
    diff-lcs (1.1.3)
    json_pure (1.7.5)
    mime-types (1.19)
    mongo (1.7.0)
      bson (~> 1.7.0)
    rack (1.4.1)
    rack-methodoverride-with-params (1.0.0)
      rack (~> 1)
    rack-protection (1.2.0)
      rack
    rack-test (0.6.1)
      rack (>= 1.0)
    rest-client (1.6.7)
      mime-types (>= 1.16)
    rspec (2.11.0)
      rspec-core (~> 2.11.0)
      rspec-expectations (~> 2.11.0)
      rspec-mocks (~> 2.11.0)
    rspec-core (2.11.1)
    rspec-expectations (2.11.3)
      diff-lcs (~> 1.1.3)
    rspec-mocks (2.11.2)
    shared-mime-info (0.1)
    shotgun (0.9)
      rack (>= 1.0)
    sinatra (1.3.3)
      rack (~> 1.3, >= 1.3.6)
      rack-protection (~> 1.2)
      tilt (~> 1.3, >= 1.3.3)
    sinatra-jsonp (0.3.2)
      json_pure (~> 1.4)
      sinatra (~> 1.0)
    test-spec (0.10.0)
    tilt (1.3.3)
    watchr (0.7)

PLATFORMS
  ruby

DEPENDENCIES
  bson_ext
  dalli
  mongo
  rack-methodoverride-with-params
  rack-test
  rest-client
  rspec
  shared-mime-info
  shotgun
  sinatra
  sinatra-jsonp
  test-spec
  watchr
